GEM
  remote: https://rubygems.org/
  specs:
    rack (2.0.3)
    rake (12.0.0)

PLATFORMS
  ruby

DEPENDENCIES
  bundler (~> 1.15, >= 1.15.1)
  rack (~> 2.0, >= 2.0.3)
  rake (~> 12.0)

RUBY VERSION
   ruby 2.4.0p0

BUNDLED WITH
   1.15.1
