GEM
  remote: https://rubygems.org/
  specs:
    rack (2.0.3)

PLATFORMS
  ruby

DEPENDENCIES
  bundler (~> 1.15, >= 1.15.1)
  rack (~> 2.0, >= 2.0.3)

BUNDLED WITH
   1.15.1
